ObjectType = Image
NDims = 3
BinaryData = True
BinaryDataByteOrderMSB = False
CompressedData = False
TransformMatrix = 1 0 0 0 1 0 0 0 1
Offset = 0 0 0
CenterOfRotation = 0 0 0
AnatomicalOrientation = RAI
ElementSpacing = 0.0234375 0.0234375 0.0234375
DimSize = 128 128 128
ElementType = MET_FLOAT
ElementDataFile = Ellipsoid_0000-ddm.raw
