ObjectType = Image
NDims = 3
BinaryData = True
BinaryDataByteOrderMSB = False
CompressedData = True
CompressedDataSize = 35195
TransformMatrix = 1 0 0 0 1 0 0 0 1
Offset = 0 0 0
CenterOfRotation = 0 0 0
ElementSpacing = 0.005 0.005 0.005
DimSize = 200 200 200
AnatomicalOrientation = ???
ElementType = MET_UCHAR
ElementDataFile = tempOut.zraw
