ObjectType = Image
NDims = 3
BinaryData = True
BinaryDataByteOrderMSB = False
CompressedData = False
TransformMatrix = 1 0 0 0 1 0 0 0 1
Offset = 0 0 0
CenterOfRotation = 0 0 0
AnatomicalOrientation = RAI
ElementSpacing = 0.005 0.005 0.005
DimSize = 200 200 200
ElementType = MET_FLOAT
ElementDataFile = tempOut-ddm.raw
